GIT
  remote: https://github.com/rubocop-hq/rubocop.git
  revision: 958e5440e0aaac751a996051b90672fbe3af7e8a
  specs:
    rubocop (1.23.0)
      parallel (~> 1.10)
      parser (>= 3.0.0.0)
      rainbow (>= 2.2.2, < 4.0)
      regexp_parser (>= 1.8, < 3.0)
      rexml
      rubocop-ast (>= 1.12.0, < 2.0)
      ruby-progressbar (~> 1.7)
      unicode-display_width (>= 1.4.0, < 3.0)

PATH
  remote: .
  specs:
    rubocop-vendor (0.7.0)
      rubocop (>= 0.53.0)

GEM
  remote: https://rubygems.org/
  specs:
    ast (2.4.2)
    byebug (11.1.3)
    diff-lcs (1.4.4)
    docile (1.3.5)
    git (1.8.1)
      rchardet (~> 1.8)
    json (2.5.1)
    keepachangelog (0.6.1)
      json (~> 2.1)
      thor (~> 0.20)
    parallel (1.21.0)
    parser (3.0.3.1)
      ast (~> 2.4.1)
    rainbow (3.0.0)
    rake (13.0.3)
    rchardet (1.8.0)
    regexp_parser (2.1.1)
    rexml (3.2.5)
    rspec (3.10.0)
      rspec-core (~> 3.10.0)
      rspec-expectations (~> 3.10.0)
      rspec-mocks (~> 3.10.0)
    rspec-core (3.10.1)
      rspec-support (~> 3.10.0)
    rspec-expectations (3.10.1)
      diff-lcs (>= 1.2.0, < 2.0)
      rspec-support (~> 3.10.0)
    rspec-mocks (3.10.2)
      diff-lcs (>= 1.2.0, < 2.0)
      rspec-support (~> 3.10.0)
    rspec-support (3.10.3)
    rubocop-ast (1.13.0)
      parser (>= 3.0.1.1)
    rubocop-rspec (1.29.1)
      rubocop (>= 0.58.0)
    ruby-progressbar (1.11.0)
    simplecov (0.21.2)
      docile (~> 1.1)
      simplecov-html (~> 0.11)
      simplecov_json_formatter (~> 0.1)
    simplecov-html (0.12.3)
    simplecov_json_formatter (0.1.3)
    thor (0.20.3)
    unicode-display_width (2.1.0)
    yard (0.9.26)

PLATFORMS
  ruby

DEPENDENCIES
  byebug
  git
  keepachangelog
  rake
  rspec
  rubocop!
  rubocop-rspec (~> 1.29.0)
  rubocop-vendor!
  simplecov
  yard (~> 0.9)

BUNDLED WITH
   2.2.26
